GEM
  remote: https://gems.ruby-china.com/
  specs:
    awesome_print (1.8.0)
    clap (1.0.0)
    cuba (3.9.2)
      rack (>= 1.6.0)
    cutest (1.2.3)
      clap
    daemons (1.2.6)
    eventmachine (1.2.7)
    faraday (0.15.2)
      multipart-post (>= 1.2, < 3)
    multipart-post (2.0.0)
    rack (2.0.5)
    rake (12.3.1)
    shotgun (0.9.2)
      rack (>= 1.0)
    thin (1.7.2)
      daemons (~> 1.0, >= 1.0.9)
      eventmachine (~> 1.0, >= 1.0.4)
      rack (>= 1, < 3)

PLATFORMS
  ruby

DEPENDENCIES
  awesome_print
  cuba
  cutest
  faraday
  rake
  shotgun
  thin

BUNDLED WITH
   1.16.2
